GIT
  remote: git://github.com/andersjanmyr/showoff.git
  revision: f9248794c014d2ce60ce070fd46d5168cabd8910
  specs:
    showoff (0.4.0)
      bluecloth
      gli (>= 1.2.5)
      json
      nokogiri
      sinatra

GEM
  remote: http://rubygems.org/
  specs:
    bluecloth (2.1.0)
    gli (1.2.6)
    json (1.5.1)
    nokogiri (1.4.4)
    rack (1.2.2)
    sinatra (1.2.1)
      rack (~> 1.1)
      tilt (< 2.0, >= 1.2.2)
    tilt (1.2.2)

PLATFORMS
  ruby

DEPENDENCIES
  bluecloth
  gli
  nokogiri
  showoff!
  sinatra
